GEM
  remote: https://rubygems.org/
  specs:
    byebug (9.0.6)
    declarative (0.0.9)
    declarative-option (0.1.0)
    minitest (5.9.1)
    multi_json (1.12.1)
    rack (2.0.1)
    rack-test (0.7.0)
      rack (>= 1.0, < 3)
    representable (3.0.4)
      declarative (< 0.1.0)
      declarative-option (< 0.2.0)
      uber (< 0.2.0)
    roar (1.1.0)
      representable (~> 3.0.0)
    roda (2.19.0)
      rack
    sequel (4.39.0)
    shotgun (0.9.2)
      rack (>= 1.0)
    uber (0.1.0)

PLATFORMS
  ruby

DEPENDENCIES
  byebug
  minitest
  multi_json
  rack-test
  roar
  roda
  sequel
  shotgun

BUNDLED WITH
   1.15.0
