GEM
  remote: https://rubygems.org/
  specs:
    byebug (9.0.6)
    declarative (0.0.9)
    declarative-option (0.1.0)
    fabrication (2.16.3)
    metaclass (0.0.4)
    minitest (5.9.1)
    mocha (1.3.0)
      metaclass (~> 0.0.1)
    multi_json (1.12.1)
    pg (0.21.0)
    rack (2.0.1)
    rack-test (0.7.0)
      rack (>= 1.0, < 3)
    representable (3.0.4)
      declarative (< 0.1.0)
      declarative-option (< 0.2.0)
      uber (< 0.2.0)
    roar (1.1.0)
      representable (~> 3.0.0)
    roar-jsonapi (0.0.3)
      representable (~> 3.0, >= 3.0.3)
      roar (~> 1.1)
    roda (2.19.0)
      rack
    sequel (4.49.0)
    shotgun (0.9.2)
      rack (>= 1.0)
    uber (0.1.0)

PLATFORMS
  ruby

DEPENDENCIES
  byebug
  fabrication
  minitest
  mocha
  multi_json
  pg
  rack-test
  roar
  roar-jsonapi
  roda
  sequel
  shotgun

BUNDLED WITH
   1.15.0
